GEM
  remote: http://rubygems.org/
  specs:
    abstract (1.0.0)
    actionmailer (3.0.7)
      actionpack (= 3.0.7)
      mail (~> 2.2.15)
    actionpack (3.0.7)
      activemodel (= 3.0.7)
      activesupport (= 3.0.7)
      builder (~> 2.1.2)
      erubis (~> 2.6.6)
      i18n (~> 0.5.0)
      rack (~> 1.2.1)
      rack-mount (~> 0.6.14)
      rack-test (~> 0.5.7)
      tzinfo (~> 0.3.23)
    activemodel (3.0.7)
      activesupport (= 3.0.7)
      builder (~> 2.1.2)
      i18n (~> 0.5.0)
    activerecord (3.0.7)
      activemodel (= 3.0.7)
      activesupport (= 3.0.7)
      arel (~> 2.0.2)
      tzinfo (~> 0.3.23)
    activeresource (3.0.7)
      activemodel (= 3.0.7)
      activesupport (= 3.0.7)
    activesupport (3.0.7)
    acts_as_indexed (0.7.2)
    arel (2.0.10)
    babosa (0.3.4)
    bcrypt-ruby (2.1.4)
    builder (2.1.2)
    capistrano (2.6.0)
      highline
      net-scp (>= 1.0.0)
      net-sftp (>= 2.0.0)
      net-ssh (>= 2.0.14)
      net-ssh-gateway (>= 1.1.0)
    devise (1.3.4)
      bcrypt-ruby (~> 2.1.2)
      orm_adapter (~> 0.0.3)
      warden (~> 1.0.3)
    dragonfly (0.8.5)
      rack
    erubis (2.6.6)
      abstract (>= 1.0.0)
    friendly_id_globalize3 (3.2.1.3)
      babosa (~> 0.3.0)
    globalize3 (0.2.0.beta1)
      activemodel (>= 3.0.0)
      activerecord (>= 3.0.0)
      paper_trail (~> 2)
    highline (1.6.2)
    i18n (0.5.0)
    mail (2.2.19)
      activesupport (>= 2.3.6)
      i18n (>= 0.4.0)
      mime-types (~> 1.16)
      treetop (~> 1.4.8)
    mime-types (1.16)
    moretea-awesome_nested_set (1.4.3.1)
      activerecord (~> 3.0.0)
    mysql2 (0.2.7)
    net-scp (1.0.4)
      net-ssh (>= 1.99.1)
    net-sftp (2.0.5)
      net-ssh (>= 2.0.9)
    net-ssh (2.1.4)
    net-ssh-gateway (1.1.0)
      net-ssh (>= 1.99.1)
    orm_adapter (0.0.5)
    paper_trail (2.2.4)
      rails (~> 3)
    polyglot (0.3.1)
    rack (1.2.3)
    rack-cache (1.0.2)
      rack (>= 0.4)
    rack-mount (0.6.14)
      rack (>= 1.0.0)
    rack-test (0.5.7)
      rack (>= 1.0)
    rails (3.0.7)
      actionmailer (= 3.0.7)
      actionpack (= 3.0.7)
      activerecord (= 3.0.7)
      activeresource (= 3.0.7)
      activesupport (= 3.0.7)
      bundler (~> 1.0)
      railties (= 3.0.7)
    railties (3.0.7)
      actionpack (= 3.0.7)
      activesupport (= 3.0.7)
      rake (>= 0.8.7)
      thor (~> 0.14.4)
    rake (0.9.1)
    refinerycms (0.9.9.21)
      bundler (~> 1.0)
      refinerycms-authentication (= 0.9.9.21)
      refinerycms-base (= 0.9.9.21)
      refinerycms-core (= 0.9.9.21)
      refinerycms-dashboard (= 0.9.9.21)
      refinerycms-images (= 0.9.9.21)
      refinerycms-pages (= 0.9.9.21)
      refinerycms-resources (= 0.9.9.21)
      refinerycms-settings (= 0.9.9.21)
    refinerycms-authentication (0.9.9.21)
      devise (~> 1.3.0)
      friendly_id_globalize3 (~> 3.2.1)
      refinerycms-core (= 0.9.9.21)
    refinerycms-base (0.9.9.21)
    refinerycms-core (0.9.9.21)
      acts_as_indexed (~> 0.7)
      friendly_id_globalize3 (~> 3.2.1)
      globalize3 (>= 0.1.0.beta)
      moretea-awesome_nested_set (~> 1.4)
      rails (~> 3.0.7)
      refinerycms-base (= 0.9.9.21)
      refinerycms-generators (~> 1.0)
      refinerycms-settings (= 0.9.9.21)
      truncate_html (~> 0.5)
      will_paginate (~> 3.0.pre)
    refinerycms-dashboard (0.9.9.21)
      refinerycms-core (= 0.9.9.21)
    refinerycms-generators (1.0.1)
    refinerycms-i18n (1.0.0)
      refinerycms-core (>= 0.9.9.12)
      routing-filter (>= 0.2.3)
    refinerycms-images (0.9.9.21)
      dragonfly (~> 0.8.4)
      rack-cache (>= 0.5.3)
      refinerycms-core (= 0.9.9.21)
    refinerycms-pages (0.9.9.21)
      friendly_id_globalize3 (~> 3.2.1)
      globalize3 (>= 0.1.0.beta)
      moretea-awesome_nested_set (~> 1.4)
      refinerycms-core (= 0.9.9.21)
      seo_meta (~> 1.0.5)
    refinerycms-resources (0.9.9.21)
      dragonfly (~> 0.8.4)
      rack-cache (>= 0.5.3)
      refinerycms-core (= 0.9.9.21)
    refinerycms-settings (0.9.9.21)
      refinerycms-base (= 0.9.9.21)
    routing-filter (0.2.3)
      actionpack
    seo_meta (1.0.7)
      refinerycms-generators (~> 1.0.1)
    thor (0.14.6)
    treetop (1.4.9)
      polyglot (>= 0.3.1)
    truncate_html (0.5.1)
    tzinfo (0.3.27)
    warden (1.0.4)
      rack (>= 1.0)
    will_paginate (3.0.pre2)

PLATFORMS
  ruby

DEPENDENCIES
  capistrano
  mysql2 (~> 0.2.7)
  rails (= 3.0.7)
  rake
  refinerycms (= 0.9.9.21)
  refinerycms-i18n (~> 1.0.0)
