GEM
  remote: https://rubygems.org/
  specs:
    awesome_print (1.2.0)
    httpclient (2.3.4.1)
    rainbow (2.0.0)

PLATFORMS
  ruby

DEPENDENCIES
  awesome_print
  httpclient
  rainbow
